GEM
  remote: https://rubygems.org/
  specs:
    nio4r (2.5.8)
    puma (5.6.4)
      nio4r (~> 2.0)

PLATFORMS
  arm64-darwin-21

DEPENDENCIES
  puma

BUNDLED WITH
   2.3.11
